GEM
  remote: https://rubygems.org/
  specs:
    excon (0.84.0)
    json (2.5.1)
    multi_json (1.15.0)
    neography (1.8.0)
      excon (>= 0.33.0)
      json (>= 1.7.7)
      multi_json (>= 1.3.2)
      os (>= 0.9.6)
      rake (>= 0.8.7)
      rubyzip (>= 1.0.0)
    os (1.1.1)
    rake (13.0.6)
    rubyzip (2.3.2)

PLATFORMS
  ruby

DEPENDENCIES
  neography

BUNDLED WITH
   2.2.4
